GIT
  remote: https://github.com/bugsnag/maze-runner
  revision: d209830b17bebccc233a3558b037b762ed6c55bd
  specs:
    bugsnag-maze-runner (1.1.0)
      cucumber (~> 3.1.0)
      cucumber-expressions (= 5.0.15)
      minitest (~> 5.0)
      os (~> 1.0.0)
      rack (~> 2.0.0)
      rake (~> 12.3.3)
      test-unit (~> 3.2.0)

GEM
  remote: https://rubygems.org/
  specs:
    CFPropertyList (3.0.0)
    atomos (0.1.3)
    backports (3.17.0)
    builder (3.2.4)
    claide (1.0.2)
    colored2 (3.1.2)
    cucumber (3.1.0)
      builder (>= 2.1.2)
      cucumber-core (~> 3.1.0)
      cucumber-expressions (~> 5.0.4)
      cucumber-wire (~> 0.0.1)
      diff-lcs (~> 1.3)
      gherkin (~> 5.0)
      multi_json (>= 1.7.5, < 2.0)
      multi_test (>= 0.1.2)
    cucumber-core (3.1.0)
      backports (>= 3.8.0)
      cucumber-tag_expressions (~> 1.1.0)
      gherkin (>= 5.0.0)
    cucumber-expressions (5.0.15)
    cucumber-tag_expressions (1.1.1)
    cucumber-wire (0.0.1)
    diff-lcs (1.3)
    gherkin (5.1.0)
    minitest (5.14.0)
    multi_json (1.14.1)
    multi_test (0.1.2)
    nanaimo (0.2.6)
    os (1.0.1)
    power_assert (1.1.7)
    rack (2.0.9)
    rake (12.3.3)
    rouge (2.0.7)
    test-unit (3.2.9)
      power_assert
    xcodeproj (1.5.9)
      CFPropertyList (>= 2.3.3, < 4.0)
      atomos (~> 0.1.2)
      claide (>= 1.0.2, < 2.0)
      colored2 (~> 3.1)
      nanaimo (~> 0.2.5)
    xcpretty (0.2.8)
      rouge (~> 2.0.7)

PLATFORMS
  ruby

DEPENDENCIES
  bugsnag-maze-runner!
  rake
  xcodeproj
  xcpretty

BUNDLED WITH
   1.17.3
